PATH
  remote: .
  specs:
    realtime (0.0.1)
      json
      koala (~> 1.5.0)
      rack

GEM
  remote: http://rubygems.org/
  specs:
    faraday (0.8.4)
      multipart-post (~> 1.1)
    json (1.7.5)
    koala (1.5.0)
      faraday (~> 0.7)
      multi_json (~> 1.3)
    minitest (2.0.2)
    mocha (0.9.12)
    multi_json (1.3.6)
    multipart-post (1.1.5)
    rack (1.4.1)
    rcov (0.9.9)

PLATFORMS
  ruby

DEPENDENCIES
  minitest (~> 2.0.2)
  mocha
  rcov
  realtime!
